PATH
  remote: .
  specs:
    vagrant-cumulus (0.1)

GEM
  remote: https://rubygems.org/
  specs:
    rake (12.3.0)

PLATFORMS
  ruby

DEPENDENCIES
  rake
  vagrant-cumulus!
